GEM
  remote: https://rubygems.org/
  specs:
    rack (1.6.4)
    rack-protection (1.5.3)
      rack
    sequel (4.32.0)
    sinatra (1.4.6)
      rack (~> 1.4)
      rack-protection (~> 1.4)
      tilt (>= 1.3, < 3)
    sqlite3 (1.3.11-x86-mingw32)
    tilt (2.0.2)

PLATFORMS
  x86-mingw32

DEPENDENCIES
  sequel
  sinatra (= 1.4.6)
  sqlite3

BUNDLED WITH
   1.10.6
